PATH
  remote: .
  specs:
    whois (2.4.0)

GEM
  remote: http://rubygems.org/
  specs:
    diff-lcs (1.1.3)
    fuubar (1.0.0)
      rspec (~> 2.0)
      rspec-instafail (~> 0.2.0)
      ruby-progressbar (~> 0.0.10)
    metaclass (0.0.1)
    mocha (0.10.0)
      metaclass (~> 0.0.1)
    rake (0.9.2.2)
    rspec (2.8.0)
      rspec-core (~> 2.8.0)
      rspec-expectations (~> 2.8.0)
      rspec-mocks (~> 2.8.0)
    rspec-core (2.8.0)
    rspec-expectations (2.8.0)
      diff-lcs (~> 1.1.2)
    rspec-instafail (0.2.2)
    rspec-mocks (2.8.0)
    ruby-progressbar (0.0.10)
    yard (0.7.5)

PLATFORMS
  java
  ruby

DEPENDENCIES
  fuubar (~> 1.0.0)
  mocha
  rake (~> 0.9)
  rspec (~> 2.8.0)
  whois!
  yard
