PATH
  remote: .
  specs:
    whois (2.0.3)

GEM
  remote: http://rubygems.org/
  specs:
    diff-lcs (1.1.2)
    mocha (0.9.10)
      rake
    rake (0.8.7)
    rspec (2.5.0)
      rspec-core (~> 2.5.0)
      rspec-expectations (~> 2.5.0)
      rspec-mocks (~> 2.5.0)
    rspec-core (2.5.1)
    rspec-expectations (2.5.0)
      diff-lcs (~> 1.1.2)
    rspec-mocks (2.5.0)
    yard (0.6.4)

PLATFORMS
  java
  ruby

DEPENDENCIES
  mocha
  rspec (~> 2.5.0)
  whois!
  yard
